GEM
  remote: http://rubygems.org/
  specs:
    lardawge-rfm (1.4.1.2)
      nokogiri
    nokogiri (1.5.0)
    shoulda (2.11.3)

PLATFORMS
  ruby

DEPENDENCIES
  lardawge-rfm
  shoulda
